GEM
  remote: https://rubygems.org/
  specs:
    rack (2.0.4)

PLATFORMS
  x86-mingw32

DEPENDENCIES
  rack

RUBY VERSION
   ruby 2.4.3p205

BUNDLED WITH
   1.16.1
